GEM
  remote: http://rubygems.org/
  specs:
    ruby-xslt (0.9.8)

PLATFORMS
  ruby

DEPENDENCIES
  ruby-xslt
